GEM
  remote: http://rubygems.org/
  specs:
    coffee-script (2.2.0)
      coffee-script-source
      execjs
    coffee-script-source (1.4.0)
    directory_watcher (1.4.1)
    execjs (1.4.0)
      multi_json (~> 1.0)
    haml (3.1.7)
    libv8 (3.3.10.4)
    multi_json (1.3.7)
    redis (2.2.2)
    sass (3.2.3)
    slop (2.1.0)
    stasis (0.1.23)
      directory_watcher (~> 1.4.1)
      redis (~> 2.2.2)
      slop (~> 2.1.0)
      tilt (~> 1.3.3)
      yajl-ruby (~> 1.0.0)
    therubyracer (0.10.2)
      libv8 (~> 3.3.10)
    tilt (1.3.3)
    yajl-ruby (1.0.0)

PLATFORMS
  ruby

DEPENDENCIES
  coffee-script
  haml
  sass
  stasis
  therubyracer
